PATH
  remote: .
  specs:
    mrubyplc (0.1.0)

GEM
  remote: https://rubygems.org/
  specs:
    power_assert (1.2.0)
    rake (12.3.3)
    test-unit (3.3.7)
      power_assert

PLATFORMS
  ruby

DEPENDENCIES
  mrubyplc!
  rake (~> 12.0)
  test-unit

BUNDLED WITH
   2.1.4
